GEM
  remote: https://rubygems.org/
  specs:
    addressable (2.5.2)
      public_suffix (>= 2.0.2, < 4.0)
    async-rack (0.5.1)
      rack (~> 1.1)
    declarative (0.0.10)
    declarative-option (0.1.0)
    dotenv (2.2.1)
    down (4.3.0)
    einhorn (0.7.4)
    em-synchrony (1.0.6)
      eventmachine (>= 1.0.0.beta.1)
    em-websocket (0.3.8)
      addressable (>= 2.1.1)
      eventmachine (>= 0.12.9)
    eventmachine (1.2.5)
    faraday (0.14.0)
      multipart-post (>= 1.2, < 3)
    foreman (0.84.0)
      thor (~> 0.19.1)
    goliath (1.0.6)
      async-rack
      einhorn
      em-synchrony (>= 1.0.0)
      em-websocket (= 0.3.8)
      eventmachine (>= 1.0.0.beta.4)
      http_parser.rb (>= 0.6.0)
      log4r
      multi_json
      rack (>= 1.2.2)
      rack-contrib
      rack-respond_to
    goliath-rack_proxy (1.0.2)
      goliath (>= 1.0.6, < 2)
    google-api-client (0.13.6)
      addressable (~> 2.5, >= 2.5.1)
      googleauth (~> 0.5)
      httpclient (>= 2.8.1, < 3.0)
      mime-types (~> 3.0)
      representable (~> 3.0)
      retriable (>= 2.0, < 4.0)
    googleauth (0.6.2)
      faraday (~> 0.12)
      jwt (>= 1.4, < 3.0)
      logging (~> 2.0)
      memoist (~> 0.12)
      multi_json (~> 1.11)
      os (~> 0.9)
      signet (~> 0.7)
    http_parser.rb (0.6.0)
    httpclient (2.8.3)
    jwt (2.1.0)
    little-plugger (1.1.4)
    log4r (1.1.10)
    logging (2.2.2)
      little-plugger (~> 1.1)
      multi_json (~> 1.10)
    memoist (0.16.0)
    mime-types (3.1)
      mime-types-data (~> 3.2015)
    mime-types-data (3.2016.0521)
    multi_json (1.13.1)
    multipart-post (2.0.0)
    os (0.9.6)
    public_suffix (3.0.2)
    puma (3.11.3)
    rack (1.6.9)
    rack-accept-media-types (0.9)
    rack-contrib (1.8.0)
      rack (~> 1.4)
    rack-respond_to (0.9.8)
      rack-accept-media-types (>= 0.6)
    representable (3.0.4)
      declarative (< 0.1.0)
      declarative-option (< 0.2.0)
      uber (< 0.2.0)
    retriable (3.1.1)
    roda (3.5.0)
      rack
    sequel (5.6.0)
    shrine (2.9.0)
      down (~> 4.1)
    shrine-tus (1.1.0)
      shrine (~> 2.0)
      shrine-url (~> 1.0)
      tus-server (~> 2.0)
    shrine-url (1.0.2)
      down (~> 4.0)
      shrine (>= 2.0)
    signet (0.8.1)
      addressable (~> 2.3)
      faraday (~> 0.9)
      jwt (>= 1.5, < 3.0)
      multi_json (~> 1.10)
    sqlite3 (1.3.13)
    thor (0.19.4)
    tilt (2.0.8)
    tus-server (2.0.2)
      roda (>= 2.27, < 4)
    uber (0.1.0)

PLATFORMS
  ruby

DEPENDENCIES
  dotenv
  foreman
  goliath-rack_proxy (~> 1.0)
  google-api-client (~> 0.13.0)
  puma
  roda (~> 3.0)
  sequel
  shrine (~> 2.0)
  shrine-tus (~> 1.1)
  sqlite3
  tilt
  tus-server (>= 2.0.2, < 3)

BUNDLED WITH
   1.16.1
